NUGET
  remote: https://www.nuget.org/api/v2
  specs:
    Eto.Forms (2.2.0)
    Eto.Platform.Gtk3 (2.2.0)
      Eto.Forms (2.2.0)
    FAKE (4.25.5)
    GtkSharp (3.1.3)
